GEM
  remote: https://rubygems.org/
  specs:
    addressable (2.8.7)
      public_suffix (>= 2.0.2, < 7.0)
    base64 (0.2.0)
    bigdecimal (3.1.8)
    certified (1.0.0)
    coinbase (4.2.3)
    crack (1.0.0)
      bigdecimal
      rexml
    hashdiff (1.1.1)
    public_suffix (6.0.1)
    rexml (3.3.6)
      strscan
    strscan (3.1.0)
    vcr (6.3.1)
      base64
    webmock (3.23.1)
      addressable (>= 2.8.0)
      crack (>= 0.3.2)
      hashdiff (>= 0.4.0, < 2.0.0)

PLATFORMS
  ruby
  x86_64-darwin-23

DEPENDENCIES
  certified
  coinbase (~> 4.2.3)
  vcr
  webmock

BUNDLED WITH
   2.5.17
