GEM
  remote: https://rubygems.org/
  specs:
    coinbase (4.2.3)

PLATFORMS
  ruby
  x86_64-darwin-23

DEPENDENCIES
  coinbase (~> 4.2.3)

BUNDLED WITH
   2.5.17
